GEM
  remote: https://rubygems.org/
  specs:
    autoprefixer-rails (6.3.7)
      execjs
    commonjs (0.2.7)
    execjs (2.7.0)
    filewatcher (0.5.3)
      trollop (~> 2.0)
    hike (1.2.3)
    less (2.6.0)
      commonjs (~> 0.2.7)
    libv8 (3.16.14.15)
    multi_json (1.12.1)
    rack (1.6.4)
    rake (11.2.2)
    ref (2.0.0)
    sass (3.4.22)
    sprockets (2.12.4)
      hike (~> 1.2)
      multi_json (~> 1.0)
      rack (~> 1.0)
      tilt (~> 1.1, != 1.3.0)
    sprockets-less (0.6.1)
      less (~> 2.4)
      tilt (~> 1.1)
    sprockets-standalone (1.2.1)
      rake
      sprockets (~> 2.0)
    therubyracer (0.12.2)
      libv8 (~> 3.16.14.0)
      ref
    tilt (1.4.1)
    trollop (2.1.2)
    uglifier (3.0.0)
      execjs (>= 0.3.0, < 3)

PLATFORMS
  ruby

DEPENDENCIES
  autoprefixer-rails
  filewatcher
  sass
  sprockets-less
  sprockets-standalone
  therubyracer
  uglifier

BUNDLED WITH
   1.12.5
